GEM
  remote: https://rubygems.org/
  specs:
    awesome_print (1.0.2)
    i18n (0.6.0)
    mail (2.4.4)
      i18n (>= 0.4.0)
      mime-types (~> 1.16)
      treetop (~> 1.4.8)
    mime-types (1.18)
    polyglot (0.3.3)
    treetop (1.4.10)
      polyglot
      polyglot (>= 0.3.1)

PLATFORMS
  ruby

DEPENDENCIES
  awesome_print
  mail
